GEM
  remote: https://rubygems.org/
  specs:
    awesome_print (1.8.0)
    backports (3.13.0)
    builder (3.2.3)
    calabash-android (0.9.8)
      awesome_print (~> 1.2)
      cucumber
      escape (~> 0.0.4)
      httpclient (>= 2.7.1, < 3.0)
      json (>= 2.3.0)
      luffa
      rubyzip (~> 1.3.0)
      slowhandcuke (~> 0.0.3)
    calabash-cucumber (0.21.8)
      awesome_print
      bundler (~> 1.3)
      clipboard (~> 1.0)
      cucumber
      edn (>= 1.0.6, < 2.0)
      geocoder (>= 1.6.1, < 2.0)
      httpclient (>= 2.7.1, < 3.0)
      json
      run_loop (>= 4.1, < 5.0)
      slowhandcuke (~> 0.0.3)
    clipboard (1.3.3)
    command_runner_ng (0.1.4)
    concurrent-ruby (1.1.5)
    cucumber (3.1.2)
      builder (>= 2.1.2)
      cucumber-core (~> 3.2.0)
      cucumber-expressions (~> 6.0.1)
      cucumber-wire (~> 0.0.1)
      diff-lcs (~> 1.3)
      gherkin (~> 5.1.0)
      multi_json (>= 1.7.5, < 2.0)
      multi_test (>= 0.1.2)
    cucumber-core (3.2.1)
      backports (>= 3.8.0)
      cucumber-tag_expressions (~> 1.1.0)
      gherkin (~> 5.0)
    cucumber-expressions (6.0.1)
    cucumber-tag_expressions (1.1.1)
    cucumber-wire (0.0.1)
    diff-lcs (1.3)
    edn (1.1.1)
    escape (0.0.4)
    geocoder (1.5.1)
    gherkin (5.1.0)
    httpclient (2.8.3)
    i18n (0.9.5)
      concurrent-ruby (~> 1.0)
    json (1.8.6)
    luffa (2.1.0)
      awesome_print
      json
      retriable (>= 1.3.3.1, < 2.1)
      thor (~> 0.19)
    mime-types (2.99.3)
    multi_json (1.13.1)
    multi_test (0.1.2)
    retriable (2.0.2)
    rubyzip (1.3.0)
    run_loop (4.2.1)
      awesome_print (~> 1.8)
      command_runner_ng (>= 0.1.4, < 1.0)
      httpclient (>= 2.7.1, < 3.0)
      i18n (>= 0.7.0, < 1.0)
      json
      thor (>= 0.20.0, < 1.0)
    slowhandcuke (0.0.3)
      cucumber
    thor (0.20.3)
    xamarin-test-cloud (2.1.2)
      bundler (>= 1.3.0, < 2.0)
      httpclient (>= 2.7.1, < 3.0)
      json (~> 1.8)
      mime-types (~> 2.99)
      retriable (>= 1.3.3.1, < 2.1)
      rubyzip (~> 1.1)
      thor (>= 0.18.1, < 1.0)

PLATFORMS
  ruby

DEPENDENCIES
  calabash-android (= 0.9.8)
  calabash-cucumber (= 0.21.8)
  xamarin-test-cloud (= 2.1.2)

BUNDLED WITH
   1.17.3
